GEM
  remote: http://rubygems.org/
  specs:
    coderay (1.1.0)
    cool.io (1.2.4)
    excon (0.45.3)
    fluent-mixin-config-placeholders (0.3.0)
      fluentd
      uuidtools (>= 2.1.5)
    fluent-plugin-grep (0.3.4)
      fluentd
    fluent-plugin-secure-forward (0.3.2)
      fluent-mixin-config-placeholders (>= 0.3.0)
      fluentd (>= 0.10.46)
      resolve-hostname
    fluent-plugin-td (0.10.18)
      fluentd (~> 0.10.27)
      td-client (~> 0.8.58)
    fluentd (0.10.57)
      cool.io (>= 1.1.1, < 2.0.0, != 1.2.0)
      http_parser.rb (>= 0.5.1, < 0.7.0)
      json (>= 1.4.3)
      msgpack (>= 0.4.4, < 0.6.0, != 0.5.3, != 0.5.2, != 0.5.1, != 0.5.0)
      sigdump (~> 0.2.2)
      tzinfo (>= 1.0.0)
      tzinfo-data (>= 1.0.0)
      yajl-ruby (~> 1.0)
    http_parser.rb (0.6.0)
    httpclient (2.4.0)
    json (1.8.1)
    method_source (0.8.2)
    msgpack (0.5.9)
    pry (0.10.1)
      coderay (~> 1.1.0)
      method_source (~> 0.8.1)
      slop (~> 3.4)
    resolve-hostname (0.0.4)
    sigdump (0.2.2)
    slop (3.6.0)
    td-client (0.8.67)
      httpclient (~> 2.4.0)
      json (>= 1.7.6)
      msgpack (>= 0.4.4, < 0.6.0, != 0.5.3, != 0.5.2, != 0.5.1, != 0.5.0)
    thread_safe (0.3.4)
    tzinfo (1.2.2)
      thread_safe (~> 0.1)
    tzinfo-data (1.2014.10)
      tzinfo (>= 1.0.0)
    uuidtools (2.1.5)
    yajl-ruby (1.2.1)

PLATFORMS
  ruby

DEPENDENCIES
  excon
  fluent-plugin-grep
  fluent-plugin-secure-forward (~> 0.3.2)
  fluent-plugin-td (= 0.10.18)
  fluentd (~> 0.10.48)
  pry

BUNDLED WITH
   1.10.5
